GEM
  remote: https://rubygems.org/
  specs:
    actionmailer (3.2.13)
      actionpack (= 3.2.13)
      mail (~> 2.5.3)
    actionpack (3.2.13)
      activemodel (= 3.2.13)
      activesupport (= 3.2.13)
      builder (~> 3.0.0)
      erubis (~> 2.7.0)
      journey (~> 1.0.4)
      rack (~> 1.4.5)
      rack-cache (~> 1.2)
      rack-test (~> 0.6.1)
      sprockets (~> 2.2.1)
    activeadmin (0.6.0)
      arbre (>= 1.0.1)
      bourbon (>= 1.0.0)
      devise (>= 1.1.2)
      fastercsv
      formtastic (>= 2.0.0)
      inherited_resources (>= 1.3.1)
      jquery-rails (>= 1.0.0)
      kaminari (>= 0.13.0)
      meta_search (>= 0.9.2)
      rails (>= 3.0.0)
      sass (>= 3.1.0)
    activemodel (3.2.13)
      activesupport (= 3.2.13)
      builder (~> 3.0.0)
    activerecord (3.2.13)
      activemodel (= 3.2.13)
      activesupport (= 3.2.13)
      arel (~> 3.0.2)
      tzinfo (~> 0.3.29)
    activeresource (3.2.13)
      activemodel (= 3.2.13)
      activesupport (= 3.2.13)
    activesupport (3.2.13)
      i18n (= 0.6.1)
      multi_json (~> 1.0)
    addressable (2.3.4)
    arbre (1.0.1)
      activesupport (>= 3.0.0)
    arel (3.0.2)
    asset_sync (0.5.4)
      activemodel
      fog
    bcrypt-ruby (3.0.1)
    bourbon (3.1.6)
      sass (>= 3.2.0)
      thor
    bourne (1.4.0)
      mocha (~> 0.13.2)
    builder (3.0.4)
    capybara (2.1.0)
      mime-types (>= 1.16)
      nokogiri (>= 1.3.3)
      rack (>= 1.0.0)
      rack-test (>= 0.5.4)
      xpath (~> 2.0)
    coffee-rails (3.2.2)
      coffee-script (>= 2.2.0)
      railties (~> 3.2.0)
    coffee-script (2.2.0)
      coffee-script-source
      execjs
    coffee-script-source (1.6.2)
    columnize (0.3.6)
    commonjs (0.2.6)
    cucumber (1.3.2)
      builder (>= 2.1.2)
      diff-lcs (>= 1.1.3)
      gherkin (~> 2.12.0)
      multi_json (~> 1.3)
    daemons (1.1.9)
    database_cleaner (1.0.1)
    debugger (1.6.0)
      columnize (>= 0.3.1)
      debugger-linecache (~> 1.2.0)
      debugger-ruby_core_source (~> 1.2.1)
    debugger-linecache (1.2.0)
    debugger-ruby_core_source (1.2.2)
    devise (2.2.4)
      bcrypt-ruby (~> 3.0)
      orm_adapter (~> 0.1)
      railties (~> 3.1)
      warden (~> 1.2.1)
    diff-lcs (1.2.4)
    dotenv (0.7.0)
    email_spec (1.4.0)
      launchy (~> 2.1)
      mail (~> 2.2)
    erubis (2.7.0)
    eventmachine (1.0.3)
    excon (0.22.1)
    execjs (1.4.0)
      multi_json (~> 1.0)
    factory_girl (4.2.0)
      activesupport (>= 3.0.0)
    factory_girl_rails (4.2.1)
      factory_girl (~> 4.2.0)
      railties (>= 3.0.0)
    fastercsv (1.5.5)
    faye-websocket (0.4.7)
      eventmachine (>= 0.12.0)
    fog (1.11.1)
      builder
      excon (~> 0.20)
      formatador (~> 0.2.0)
      json (~> 1.7)
      mime-types
      net-scp (~> 1.1)
      net-ssh (>= 2.1.3)
      nokogiri (~> 1.5.0)
      ruby-hmac
    foreman (0.63.0)
      dotenv (>= 0.7)
      thor (>= 0.13.6)
    formatador (0.2.4)
    formtastic (2.2.1)
      actionpack (>= 3.0)
    gherkin (2.12.0)
      multi_json (~> 1.3)
    growl (1.0.3)
    haml (4.0.3)
      tilt
    has_scope (0.5.1)
    hashie (2.0.5)
    high_voltage (1.2.2)
    hike (1.2.2)
    http_parser.rb (0.5.3)
    i18n (0.6.1)
    inherited_resources (1.4.0)
      has_scope (~> 0.5.0)
      responders (~> 0.9)
    journey (1.0.4)
    jquery-rails (2.2.1)
      railties (>= 3.0, < 5.0)
      thor (>= 0.14, < 2.0)
    json (1.8.0)
    kaminari (0.14.1)
      actionpack (>= 3.0.0)
      activesupport (>= 3.0.0)
    kgio (2.8.0)
    launchy (2.3.0)
      addressable (~> 2.3)
    less (2.3.2)
      commonjs (~> 0.2.6)
    less-rails (2.3.3)
      actionpack (>= 3.1)
      less (~> 2.3.1)
    libv8 (3.11.8.17)
    mail (2.5.4)
      mime-types (~> 1.16)
      treetop (~> 1.4.8)
    meta_search (1.1.3)
      actionpack (~> 3.1)
      activerecord (~> 3.1)
      activesupport (~> 3.1)
      polyamorous (~> 0.5.0)
    metaclass (0.0.1)
    mime-types (1.23)
    mocha (0.13.3)
      metaclass (~> 0.0.1)
    multi_json (1.7.4)
    net-scp (1.1.1)
      net-ssh (>= 2.6.5)
    net-ssh (2.6.7)
    no_peeping_toms (2.1.3)
      activerecord (>= 3.0.0)
      activesupport (>= 3.0.0)
    nokogiri (1.5.9)
    omniauth (1.1.4)
      hashie (>= 1.2, < 3)
      rack
    orm_adapter (0.4.0)
    pg (0.15.1)
    pickle (0.4.11)
      cucumber (>= 0.8)
      rake
    poltergeist (1.3.0)
      capybara (~> 2.1.0)
      faye-websocket (>= 0.4.4, < 0.5.0)
      http_parser.rb (~> 0.5.3)
    polyamorous (0.5.0)
      activerecord (~> 3.0)
    polyglot (0.3.3)
    rack (1.4.5)
    rack-cache (1.2)
      rack (>= 0.4)
    rack-ssl (1.3.3)
      rack
    rack-test (0.6.2)
      rack (>= 1.0)
    rails (3.2.13)
      actionmailer (= 3.2.13)
      actionpack (= 3.2.13)
      activerecord (= 3.2.13)
      activeresource (= 3.2.13)
      activesupport (= 3.2.13)
      bundler (~> 1.0)
      railties (= 3.2.13)
    railties (3.2.13)
      actionpack (= 3.2.13)
      activesupport (= 3.2.13)
      rack-ssl (~> 1.3.2)
      rake (>= 0.8.7)
      rdoc (~> 3.4)
      thor (>= 0.14.6, < 2.0)
    raindrops (0.11.0)
    rake (10.0.4)
    rdoc (3.12.2)
      json (~> 1.4)
    ref (1.0.5)
    responders (0.9.3)
      railties (~> 3.1)
    rspec-core (2.13.1)
    rspec-expectations (2.13.0)
      diff-lcs (>= 1.1.3, < 2.0)
    rspec-mocks (2.13.1)
    rspec-rails (2.13.2)
      actionpack (>= 3.0)
      activesupport (>= 3.0)
      railties (>= 3.0)
      rspec-core (~> 2.13.0)
      rspec-expectations (~> 2.13.0)
      rspec-mocks (~> 2.13.0)
    ruby-hmac (0.4.0)
    sass (3.2.9)
    sass-rails (3.2.6)
      railties (~> 3.2.0)
      sass (>= 3.1.10)
      tilt (~> 1.3)
    shoulda-matchers (2.1.0)
      activesupport (>= 3.0.0)
    spork (0.9.2)
    sprockets (2.2.2)
      hike (~> 1.2)
      multi_json (~> 1.0)
      rack (~> 1.0)
      tilt (~> 1.1, != 1.3.0)
    therubyracer (0.11.4)
      libv8 (~> 3.11.8.12)
      ref
    thin (1.5.1)
      daemons (>= 1.0.9)
      eventmachine (>= 0.12.6)
      rack (>= 1.0.0)
    thor (0.18.1)
    tilt (1.4.1)
    timecop (0.6.1)
    treetop (1.4.12)
      polyglot
      polyglot (>= 0.3.1)
    twitter-bootstrap-rails (2.2.6)
      actionpack (>= 3.1)
      execjs
      railties (>= 3.1)
    tzinfo (0.3.37)
    uglifier (2.1.1)
      execjs (>= 0.3.0)
      multi_json (~> 1.0, >= 1.0.2)
    unicorn (4.6.2)
      kgio (~> 2.6)
      rack
      raindrops (~> 0.7)
    vcr (2.5.0)
    warden (1.2.1)
      rack (>= 1.0)
    xpath (2.0.0)
      nokogiri (~> 1.3)

PLATFORMS
  ruby

DEPENDENCIES
  activeadmin
  asset_sync
  bourne
  capybara
  coffee-rails (~> 3.2)
  database_cleaner
  debugger
  email_spec
  excon
  factory_girl_rails
  fog
  foreman
  growl
  haml (~> 4)
  high_voltage
  jquery-rails
  less-rails
  meta_search (>= 1.1.0.pre)
  no_peeping_toms (~> 2)
  omniauth
  pg
  pickle
  poltergeist
  rails (~> 3.2)
  rspec-rails
  sass-rails (~> 3.2)
  shoulda-matchers
  spork (~> 0.9)
  therubyracer
  thin
  timecop
  twitter-bootstrap-rails (~> 2)
  uglifier (>= 1.0)
  unicorn
  vcr
